GIT
  remote: https://github.com/marigan/streamio-ffmpeg.git
  revision: 90470da0eaecb71df0ca6ae90f3d27f76cdb3ca2
  specs:
    streamio-ffmpeg (1.0.0)

PATH
  remote: .
  specs:
    narra-core (0.0.1)
      aasm
      fog
      mongoid
      rails (~> 4.2.0)
      sidekiq
      sinatra
      wisper

GEM
  remote: https://rubygems.org/
  specs:
    CFPropertyList (2.3.0)
    aasm (4.0.8)
    actionmailer (4.2.0)
      actionpack (= 4.2.0)
      actionview (= 4.2.0)
      activejob (= 4.2.0)
      mail (~> 2.5, >= 2.5.4)
      rails-dom-testing (~> 1.0, >= 1.0.5)
    actionpack (4.2.0)
      actionview (= 4.2.0)
      activesupport (= 4.2.0)
      rack (~> 1.6.0)
      rack-test (~> 0.6.2)
      rails-dom-testing (~> 1.0, >= 1.0.5)
      rails-html-sanitizer (~> 1.0, >= 1.0.1)
    actionview (4.2.0)
      activesupport (= 4.2.0)
      builder (~> 3.1)
      erubis (~> 2.7.0)
      rails-dom-testing (~> 1.0, >= 1.0.5)
      rails-html-sanitizer (~> 1.0, >= 1.0.1)
    activejob (4.2.0)
      activesupport (= 4.2.0)
      globalid (>= 0.3.0)
    activemodel (4.2.0)
      activesupport (= 4.2.0)
      builder (~> 3.1)
    activerecord (4.2.0)
      activemodel (= 4.2.0)
      activesupport (= 4.2.0)
      arel (~> 6.0)
    activesupport (4.2.0)
      i18n (~> 0.7)
      json (~> 1.7, >= 1.7.7)
      minitest (~> 5.1)
      thread_safe (~> 0.3, >= 0.3.4)
      tzinfo (~> 1.1)
    arel (6.0.0)
    bson (2.3.0)
    builder (3.2.2)
    celluloid (0.16.0)
      timers (~> 4.0.0)
    codeclimate-test-reporter (0.4.5)
      simplecov (>= 0.7.1, < 1.0.0)
    connection_pool (2.1.0)
    database_cleaner (1.4.0)
    diff-lcs (1.2.5)
    docile (1.1.5)
    erubis (2.7.0)
    excon (0.43.0)
    factory_girl (4.5.0)
      activesupport (>= 3.0.0)
    factory_girl_rails (4.5.0)
      factory_girl (~> 4.5.0)
      railties (>= 3.0.0)
    fission (0.5.0)
      CFPropertyList (~> 2.2)
    fog (1.27.0)
      fog-atmos
      fog-aws (~> 0.0)
      fog-brightbox (~> 0.4)
      fog-core (~> 1.27, >= 1.27.3)
      fog-ecloud
      fog-json
      fog-profitbricks
      fog-radosgw (>= 0.0.2)
      fog-sakuracloud (>= 0.0.4)
      fog-serverlove
      fog-softlayer
      fog-storm_on_demand
      fog-terremark
      fog-vmfusion
      fog-voxel
      fog-xml (~> 0.1.1)
      ipaddress (~> 0.5)
      nokogiri (~> 1.5, >= 1.5.11)
    fog-atmos (0.1.0)
      fog-core
      fog-xml
    fog-aws (0.0.6)
      fog-core (~> 1.27)
      fog-json (~> 1.0)
      fog-xml (~> 0.1)
      ipaddress (~> 0.8)
    fog-brightbox (0.7.1)
      fog-core (~> 1.22)
      fog-json
      inflecto (~> 0.0.2)
    fog-core (1.27.3)
      builder
      excon (~> 0.38)
      formatador (~> 0.2)
      mime-types
      net-scp (~> 1.1)
      net-ssh (>= 2.1.3)
    fog-ecloud (0.0.2)
      fog-core
      fog-xml
    fog-json (1.0.0)
      multi_json (~> 1.0)
    fog-profitbricks (0.0.1)
      fog-core
      fog-xml
      nokogiri
    fog-radosgw (0.0.3)
      fog-core (>= 1.21.0)
      fog-json
      fog-xml (>= 0.0.1)
    fog-sakuracloud (0.1.2)
      fog-core
      fog-json
    fog-serverlove (0.1.1)
      fog-core
      fog-json
    fog-softlayer (0.3.30)
      fog-core
      fog-json
    fog-storm_on_demand (0.1.0)
      fog-core
      fog-json
    fog-terremark (0.0.3)
      fog-core
      fog-xml
    fog-vmfusion (0.0.1)
      fission
      fog-core
    fog-voxel (0.0.2)
      fog-core
      fog-xml
    fog-xml (0.1.1)
      fog-core
      nokogiri (~> 1.5, >= 1.5.11)
    formatador (0.2.5)
    globalid (0.3.0)
      activesupport (>= 4.1.0)
    hike (1.2.3)
    hitimes (1.2.2)
    i18n (0.7.0)
    inflecto (0.0.2)
    ipaddress (0.8.0)
    json (1.8.2)
    loofah (2.0.1)
      nokogiri (>= 1.5.9)
    mail (2.6.3)
      mime-types (>= 1.16, < 3)
    mime-types (2.4.3)
    mini_portile (0.6.2)
    minitest (5.5.1)
    mongoid (4.0.0)
      activemodel (~> 4.0)
      moped (~> 2.0.0)
      origin (~> 2.1)
      tzinfo (>= 0.3.37)
    mongoid-rspec (2.0.0)
      mongoid (~> 4.0.0)
      rake
      rspec (~> 3.1)
    mongoid-tree (2.0.0)
      mongoid (>= 4.0, <= 5.0)
    moped (2.0.3)
      bson (~> 2.2)
      connection_pool (~> 2.0)
      optionable (~> 0.2.0)
    multi_json (1.10.1)
    net-scp (1.2.1)
      net-ssh (>= 2.6.5)
    net-ssh (2.9.2)
    nokogiri (1.6.5)
      mini_portile (~> 0.6.0)
    optionable (0.2.0)
    origin (2.1.1)
    rack (1.6.0)
    rack-protection (1.5.3)
      rack
    rack-test (0.6.3)
      rack (>= 1.0)
    rails (4.2.0)
      actionmailer (= 4.2.0)
      actionpack (= 4.2.0)
      actionview (= 4.2.0)
      activejob (= 4.2.0)
      activemodel (= 4.2.0)
      activerecord (= 4.2.0)
      activesupport (= 4.2.0)
      bundler (>= 1.3.0, < 2.0)
      railties (= 4.2.0)
      sprockets-rails
    rails-deprecated_sanitizer (1.0.3)
      activesupport (>= 4.2.0.alpha)
    rails-dom-testing (1.0.5)
      activesupport (>= 4.2.0.beta, < 5.0)
      nokogiri (~> 1.6.0)
      rails-deprecated_sanitizer (>= 1.0.1)
    rails-html-sanitizer (1.0.1)
      loofah (~> 2.0)
    railties (4.2.0)
      actionpack (= 4.2.0)
      activesupport (= 4.2.0)
      rake (>= 0.8.7)
      thor (>= 0.18.1, < 2.0)
    rake (10.4.2)
    redis (3.2.0)
    redis-namespace (1.5.1)
      redis (~> 3.0, >= 3.0.4)
    rspec (3.1.0)
      rspec-core (~> 3.1.0)
      rspec-expectations (~> 3.1.0)
      rspec-mocks (~> 3.1.0)
    rspec-core (3.1.7)
      rspec-support (~> 3.1.0)
    rspec-expectations (3.1.2)
      diff-lcs (>= 1.2.0, < 2.0)
      rspec-support (~> 3.1.0)
    rspec-mocks (3.1.3)
      rspec-support (~> 3.1.0)
    rspec-rails (3.1.0)
      actionpack (>= 3.0)
      activesupport (>= 3.0)
      railties (>= 3.0)
      rspec-core (~> 3.1.0)
      rspec-expectations (~> 3.1.0)
      rspec-mocks (~> 3.1.0)
      rspec-support (~> 3.1.0)
    rspec-support (3.1.2)
    sidekiq (3.3.0)
      celluloid (>= 0.16.0)
      connection_pool (>= 2.0.0)
      json
      redis (>= 3.0.6)
      redis-namespace (>= 1.3.1)
    simplecov (0.9.1)
      docile (~> 1.1.0)
      multi_json (~> 1.0)
      simplecov-html (~> 0.8.0)
    simplecov-html (0.8.0)
    sinatra (1.4.5)
      rack (~> 1.4)
      rack-protection (~> 1.4)
      tilt (~> 1.3, >= 1.3.4)
    sprockets (2.12.3)
      hike (~> 1.2)
      multi_json (~> 1.0)
      rack (~> 1.0)
      tilt (~> 1.1, != 1.3.0)
    sprockets-rails (2.2.2)
      actionpack (>= 3.0)
      activesupport (>= 3.0)
      sprockets (>= 2.8, < 4.0)
    thor (0.19.1)
    thread_safe (0.3.4)
    tilt (1.4.1)
    timers (4.0.1)
      hitimes
    tzinfo (1.2.2)
      thread_safe (~> 0.1)
    wisper (1.6.0)

PLATFORMS
  ruby

DEPENDENCIES
  codeclimate-test-reporter
  database_cleaner
  factory_girl_rails
  mongoid-rspec
  mongoid-tree
  narra-core!
  rspec-mocks
  rspec-rails
  streamio-ffmpeg!
